PATH
  remote: .
  specs:
    vaporize (0.0.1)
      aws-s3 (~> 0.6.2)
      sqlite3 (~> 1.3.5)
      trollop (~> 1.16.2)

GEM
  remote: http://rubygems.org/
  specs:
    aws-s3 (0.6.2)
      builder
      mime-types
      xml-simple
    builder (3.0.0)
    diff-lcs (1.1.3)
    mime-types (1.17.2)
    progressbar (0.10.0)
    rspec (2.8.0)
      rspec-core (~> 2.8.0)
      rspec-expectations (~> 2.8.0)
      rspec-mocks (~> 2.8.0)
    rspec-core (2.8.0)
    rspec-expectations (2.8.0)
      diff-lcs (~> 1.1.2)
    rspec-mocks (2.8.0)
    sqlite3 (1.3.5)
    trollop (1.16.2)
    xml-simple (1.1.1)

PLATFORMS
  ruby

DEPENDENCIES
  aws-s3
  progressbar
  rspec
  sqlite3
  trollop
  vaporize!
